GEM
  remote: https://rubygems.org/
  specs:
    jruby-executors (0.1.0-java)
    jruby-jars (9.0.0.0)
    jruby-rack (1.1.19)
    rack (1.6.4)
    rack-protection (1.5.3)
      rack
    rake (10.4.2)
    rubyzip (1.1.7)
    sinatra (1.4.6)
      rack (~> 1.4)
      rack-protection (~> 1.4)
      tilt (>= 1.3, < 3)
    tilt (2.0.1)
    warbler (2.0.0.pre2)
      jruby-jars (>= 9.0.0.0.pre2)
      jruby-rack (>= 1.1.1, < 1.3)
      rake (>= 10.1.0)
      rubyzip (>= 1.0, < 1.2)

PLATFORMS
  java

DEPENDENCIES
  jruby-executors
  rack
  sinatra
  warbler (= 2.0.0.pre2)

BUNDLED WITH
   1.10.6
